GEM
  remote: https://rubygems.org/
  specs:
    colorize (0.8.1)
    getoptlong (0.1.0)
    json (2.3.1)
    logger (1.4.2)
    mini_portile2 (2.4.0)
    nokogiri (1.10.10)
      mini_portile2 (~> 2.4.0)
    uri (0.10.0.1)

PLATFORMS
  ruby

DEPENDENCIES
  colorize
  getoptlong
  json
  logger
  nokogiri
  uri

BUNDLED WITH
   1.17.2
