GEM
  remote: https://rubygems.org/
  specs:
    colorize (0.8.1)
    getoptlong (0.1.0)
    json (2.3.1)
    logger (1.4.2)
    mini_portile2 (2.5.1)
    nokogiri (1.11.4)
      mini_portile2 (~> 2.5.0)
      racc (~> 1.4)
    racc (1.5.2)
    uri (0.10.0)

PLATFORMS
  ruby

DEPENDENCIES
  colorize
  getoptlong
  json
  logger
  nokogiri
  uri

BUNDLED WITH
   1.17.2
